GEM
  remote: https://rubygems.org/
  specs:
    dotenv (2.1.1)
    intercom (3.5.23)
      json (>= 1.8)
    json (2.1.0)
    mustermann (1.0.2)
    rack (2.0.4)
    rack-protection (2.0.1)
      rack
    sinatra (2.0.1)
      mustermann (~> 1.0)
      rack (~> 2.0)
      rack-protection (= 2.0.1)
      tilt (~> 2.0)
    tilt (2.0.8)

PLATFORMS
  ruby

DEPENDENCIES
  dotenv (= 2.1.1)
  intercom
  sinatra

RUBY VERSION
   ruby 2.3.1p112

BUNDLED WITH
   1.16.1
